GEM
  remote: https://rubygems.org/
  specs:
    byebug (11.1.3)
    colorize (1.1.0)

PLATFORMS
  arm64-darwin-22

DEPENDENCIES
  byebug
  colorize

RUBY VERSION
   ruby 3.2.2p53

BUNDLED WITH
   2.4.13
